GEM
  remote: https://rubygems.org/
  specs:
    bcrypt (3.1.11)
    daemons (1.2.3)
    eventmachine (1.2.0.1)
    ffi (1.9.10)
    listen (3.0.6)
      rb-fsevent (>= 0.9.3)
      rb-inotify (>= 0.9.7)
    pg (0.18.4)
    rack (1.6.4)
    rack-protection (1.5.3)
      rack
    rainbow (2.1.0)
    rb-fsevent (0.9.7)
    rb-inotify (0.9.7)
      ffi (>= 0.5.0)
    rerun (0.11.0)
      listen (~> 3.0)
    sequel (4.32.0)
    sinatra (1.4.7)
      rack (~> 1.5)
      rack-protection (~> 1.4)
      tilt (>= 1.3, < 3)
    sqlite3 (1.3.11)
    thin (1.6.4)
      daemons (~> 1.0, >= 1.0.9)
      eventmachine (~> 1.0, >= 1.0.4)
      rack (~> 1.0)
    tilt (2.0.2)

PLATFORMS
  ruby

DEPENDENCIES
  bcrypt (~> 3.1, >= 3.1.11)
  pg
  rainbow (~> 2.1)
  rerun (~> 0.11.0)
  sequel (~> 4.32)
  sinatra (~> 1.4, >= 1.4.7)
  sqlite3 (~> 1.3, >= 1.3.11)
  thin (~> 1.6, >= 1.6.4)

BUNDLED WITH
   1.11.2
